FRAMEWORK: >= NET452
NUGET
  remote: https://www.nuget.org/api/v2
    Aether (8.1.2)
    Chiron (6.2.1)
      Aether (>= 8.0.2 < 9.0)
      FParsec (>= 1.0 < 2.0)
    FAKE (4.40.1)
    FParsec (1.0.2)
    FSharp.Azure.Storage (2.1)
      FSPowerPack.Linq.Community (>= 3.0)
      WindowsAzure.Storage (>= 3.1.0.1)
    FSharp.Configuration (0.6.2)
    FSharp.Core (4.0.0.1)
    FSharp.Data (2.3.2)
    FSPowerPack.Core.Community (2.0)
    FSPowerPack.Linq.Community (3.0)
      FSPowerPack.Core.Community
    Microsoft.Data.Edm (5.6)
    Microsoft.Data.OData (5.6)
      Microsoft.Data.Edm (5.6)
      System.Spatial (5.6)
    Microsoft.Data.Services.Client (5.6)
      Microsoft.Data.OData (5.6)
    Microsoft.WindowsAzure.ConfigurationManager (1.8)
    Newtonsoft.Json (5.0.6)
    Suave (1.1.3)
      FSharp.Core (>= 3.1.2.5)
    System.Spatial (5.6)
    WindowsAzure.Storage (3.1.0.1)
      Microsoft.Data.OData (>= 5.6)
      Microsoft.Data.Services.Client (>= 5.6)
      Microsoft.WindowsAzure.ConfigurationManager (>= 1.8)
      Newtonsoft.Json (>= 5.0.6)
